GIT
  remote: git://github.com/bernat/best_in_place
  revision: ee95961e639022e6aa528704b8cb4789596ea61b
  ref: ee95961e639022e6aa528704b8cb4789596ea61b
  specs:
    best_in_place (3.0.0.alpha)
      actionpack (>= 3.2)

GIT
  remote: git://github.com/catarse/catarse_api.git
  revision: eb9eb3bcc41fedf16ae758682569009ea74c0f48
  specs:
    catarse_api (0.0.2)
      active_model_serializers (= 0.8.0)
      has_scope
      kaminari
      rails (~> 4.0)

GIT
  remote: git://github.com/catarse/catarse_contribution_validator.git
  revision: a5ce1407c402b3b3aba640aab54af6a8474e910a
  specs:
    catarse_contribution_validator (0.0.1)
      rails (>= 4.0.0)

GIT
  remote: git://github.com/catarse/moip-ruby.git
  revision: c0225ad71645cd1df35dafa1e45c9f092b3abb9e
  ref: c0225ad71645cd1df35dafa1e45c9f092b3abb9e
  specs:
    moip (1.0.2)
      activesupport (>= 2.3.2)
      httparty (~> 0.6.1)
      nokogiri (>= 1.5.0)

PATH
  remote: vendor/gems/catarse_braintree-2c5b83730cf9
  specs:
    catarse_braintree (0.0.1)
      braintree
      rails (~> 4.0)
      slim-rails

GEM
  remote: https://rubygems.org/
  specs:
    CFPropertyList (2.3.1)
    RedCloth (4.2.9)
    actionmailer (4.1.12)
      actionpack (= 4.1.12)
      actionview (= 4.1.12)
      mail (~> 2.5, >= 2.5.4)
    actionpack (4.1.12)
      actionview (= 4.1.12)
      activesupport (= 4.1.12)
      rack (~> 1.5.2)
      rack-test (~> 0.6.2)
    actionview (4.1.12)
      activesupport (= 4.1.12)
      builder (~> 3.1)
      erubis (~> 2.7.0)
    active_model_serializers (0.8.0)
      activemodel (>= 3.0)
    active_utils (2.2.3)
      activesupport (>= 2.3.11)
      i18n
    activemerchant (1.44.1)
      active_utils (~> 2.2.0)
      activesupport (>= 3.2.14, < 5.0.0)
      builder (>= 2.1.2, < 4.0.0)
      i18n (>= 0.6.9)
      json (~> 1.7)
      nokogiri (~> 1.4)
      offsite_payments (~> 2.0.0)
    activemodel (4.1.12)
      activesupport (= 4.1.12)
      builder (~> 3.1)
    activerecord (4.1.12)
      activemodel (= 4.1.12)
      activesupport (= 4.1.12)
      arel (~> 5.0.0)
    activesupport (4.1.12)
      i18n (~> 0.6, >= 0.6.9)
      json (~> 1.7, >= 1.7.7)
      minitest (~> 5.1)
      thread_safe (~> 0.1)
      tzinfo (~> 1.1)
    acts-as-taggable-on (3.5.0)
      activerecord (>= 3.2, < 5)
    addressable (2.3.8)
    arel (5.0.1.20140414130214)
    auto_html (1.6.4)
      redcarpet (~> 3.1)
      rinku (~> 1.5.0)
    bcrypt (3.1.10)
    better_errors (2.1.1)
      coderay (>= 1.0.0)
      erubis (>= 2.6.6)
      rack (>= 0.9.0)
    binding_of_caller (0.7.2)
      debug_inspector (>= 0.0.1)
    braintree (2.46.0)
      builder (>= 2.0.0)
    browser (0.8.0)
    builder (3.2.2)
    capybara (2.2.1)
      mime-types (>= 1.16)
      nokogiri (>= 1.3.3)
      rack (>= 1.0.0)
      rack-test (>= 0.5.4)
      xpath (~> 2.0)
    carrierwave (0.10.0)
      activemodel (>= 3.2.0)
      activesupport (>= 3.2.0)
      json (>= 1.7)
      mime-types (>= 1.16)
    catarse_monkeymail (0.1.6)
      mailchimp-api (~> 2.0.4)
      rails (>= 4.0.3)
      rails-observers
    catarse_settings_db (0.1.1)
      rails (>= 4.1.1)
    celluloid (0.17.0)
      bundler
      celluloid-essentials
      celluloid-extras
      celluloid-fsm
      celluloid-pool
      celluloid-supervision
      dotenv
      nenv
      rspec-logsplit (>= 0.1.2)
      timers (~> 4.0.0)
    celluloid-essentials (0.20.1.1)
      bundler
      dotenv
      nenv
      rspec-logsplit (>= 0.1.2)
      timers (~> 4.0.0)
    celluloid-extras (0.20.0)
      bundler
      dotenv
      nenv
      rspec-logsplit (>= 0.1.2)
      timers (~> 4.0.0)
    celluloid-fsm (0.20.0)
      bundler
      dotenv
      nenv
      rspec-logsplit (>= 0.1.2)
      timers (~> 4.0.0)
    celluloid-pool (0.20.0)
      bundler
      dotenv
      nenv
      rspec-logsplit (>= 0.1.2)
      timers (~> 4.0.0)
    celluloid-supervision (0.20.0)
      bundler
      dotenv
      nenv
      rspec-logsplit (>= 0.1.2)
      timers (~> 4.0.0)
    chartkick (1.3.2)
    childprocess (0.5.6)
      ffi (~> 1.0, >= 1.0.11)
    chunky_png (1.3.4)
    cliver (0.3.2)
    cocoon (1.2.6)
    coderay (1.1.0)
    coffee-rails (4.0.1)
      coffee-script (>= 2.2.0)
      railties (>= 4.0.0, < 5.0)
    coffee-script (2.4.1)
      coffee-script-source
      execjs
    coffee-script-source (1.9.1.1)
    compass (0.12.7)
      chunky_png (~> 1.2)
      fssm (>= 0.2.7)
      sass (~> 3.2.19)
    compass-960-plugin (0.10.4)
      compass (>= 0.10.0)
    compass-rails (2.0.0)
      compass (>= 0.12.2)
    connection_pool (2.2.0)
    coveralls (0.8.2)
      json (~> 1.8)
      rest-client (>= 1.6.8, < 2)
      simplecov (~> 0.10.0)
      term-ansicolor (~> 1.3)
      thor (~> 0.19.1)
    crack (0.1.8)
    daemons (1.2.3)
    database_cleaner (1.4.1)
    debug_inspector (0.0.2)
    devise (3.5.1)
      bcrypt (~> 3.0)
      orm_adapter (~> 0.1)
      railties (>= 3.2.6, < 5)
      responders
      thread_safe (~> 0.1)
      warden (~> 1.2.3)
    diff-lcs (1.2.5)
    docile (1.1.5)
    domain_name (0.5.24)
      unf (>= 0.0.5, < 1.0.0)
    dotenv (2.0.2)
    draper (2.1.0)
      actionpack (>= 3.0)
      activemodel (>= 3.0)
      activesupport (>= 3.0)
      request_store (~> 1.0)
    erubis (2.7.0)
    eventmachine (1.0.7)
    exception_notification (4.1.1)
      actionmailer (>= 3.0.4)
      activesupport (>= 3.0.4)
    excon (0.45.4)
    execjs (2.5.2)
    ezcrypto (0.7.2)
    factory_girl (4.5.0)
      activesupport (>= 3.0.0)
    factory_girl_rails (4.5.0)
      factory_girl (~> 4.5.0)
      railties (>= 3.0.0)
    fakeweb (1.3.0)
    faraday (0.9.1)
      multipart-post (>= 1.2, < 3)
    faraday_middleware (0.10.0)
      faraday (>= 0.7.4, < 0.10)
    feedjira (2.0.0)
      faraday (~> 0.9)
      faraday_middleware (~> 0.9)
      loofah (~> 2.0)
      sax-machine (~> 1.0)
    ffi (1.9.10)
    fission (0.5.0)
      CFPropertyList (~> 2.2)
    fog (1.32.0)
      fog-atmos
      fog-aws (>= 0.6.0)
      fog-brightbox (~> 0.4)
      fog-core (~> 1.32)
      fog-ecloud (= 0.1.1)
      fog-google (>= 0.0.2)
      fog-json
      fog-local
      fog-powerdns (>= 0.1.1)
      fog-profitbricks
      fog-radosgw (>= 0.0.2)
      fog-riakcs
      fog-sakuracloud (>= 0.0.4)
      fog-serverlove
      fog-softlayer
      fog-storm_on_demand
      fog-terremark
      fog-vmfusion
      fog-voxel
      fog-xml (~> 0.1.1)
      ipaddress (~> 0.5)
      nokogiri (~> 1.5, >= 1.5.11)
    fog-atmos (0.1.0)
      fog-core
      fog-xml
    fog-aws (0.7.3)
      fog-core (~> 1.27)
      fog-json (~> 1.0)
      fog-xml (~> 0.1)
      ipaddress (~> 0.8)
    fog-brightbox (0.8.0)
      fog-core (~> 1.22)
      fog-json
      inflecto (~> 0.0.2)
    fog-core (1.32.0)
      builder
      excon (~> 0.45)
      formatador (~> 0.2)
      mime-types
      net-scp (~> 1.1)
      net-ssh (>= 2.1.3)
    fog-ecloud (0.1.1)
      fog-core
      fog-xml
    fog-google (0.0.7)
      fog-core
      fog-json
      fog-xml
    fog-json (1.0.2)
      fog-core (~> 1.0)
      multi_json (~> 1.10)
    fog-local (0.2.1)
      fog-core (~> 1.27)
    fog-powerdns (0.1.1)
      fog-core (~> 1.27)
      fog-json (~> 1.0)
      fog-xml (~> 0.1)
    fog-profitbricks (0.0.5)
      fog-core
      fog-xml
      nokogiri
    fog-radosgw (0.0.4)
      fog-core (>= 1.21.0)
      fog-json
      fog-xml (>= 0.0.1)
    fog-riakcs (0.1.0)
      fog-core
      fog-json
      fog-xml
    fog-sakuracloud (1.0.1)
      fog-core
      fog-json
    fog-serverlove (0.1.2)
      fog-core
      fog-json
    fog-softlayer (0.4.7)
      fog-core
      fog-json
    fog-storm_on_demand (0.1.1)
      fog-core
      fog-json
    fog-terremark (0.1.0)
      fog-core
      fog-xml
    fog-vmfusion (0.1.0)
      fission
      fog-core
    fog-voxel (0.1.0)
      fog-core
      fog-xml
    fog-xml (0.1.2)
      fog-core
      nokogiri (~> 1.5, >= 1.5.11)
    foreman (0.78.0)
      thor (~> 0.19.1)
    formatador (0.2.5)
    fssm (0.2.10)
    geocoder (1.2.12)
    has_scope (0.6.0)
      actionpack (>= 3.2, < 5)
      activesupport (>= 3.2, < 5)
    hashie (3.4.2)
    heroku-deflater (0.5.3)
      rack (>= 1.4.5)
    high_voltage (2.4.0)
    hike (1.2.3)
    hitimes (1.2.2)
    htmlentities (4.3.4)
    http-cookie (1.0.2)
      domain_name (~> 0.5)
    http_accept_language (2.0.5)
    httparty (0.6.1)
      crack (= 0.1.8)
    httpauth (0.2.1)
    httpclient (2.6.0.1)
    i18n (0.7.0)
    i18n_alchemy (0.2.1)
      activesupport (>= 3.2.0, < 4.2)
      i18n (~> 0.6)
    inflecto (0.0.2)
    inherited_resources (1.4.1)
      has_scope (~> 0.6.0.rc)
      responders (~> 1.0.0.rc)
    ipaddress (0.8.0)
    jasmine-core (2.3.4)
    jasmine-rails (0.10.8)
      jasmine-core (>= 1.3, < 3.0)
      phantomjs (>= 1.9)
      railties (>= 3.2.0)
      sprockets-rails
    jquery-rails (3.1.3)
      railties (>= 3.0, < 5.0)
      thor (>= 0.14, < 2.0)
    json (1.8.3)
    jwt (0.1.13)
      multi_json (>= 1.5)
    kaminari (0.16.3)
      actionpack (>= 3.0.0)
      activesupport (>= 3.0.0)
    kgio (2.9.3)
    launchy (2.4.3)
      addressable (~> 2.3)
    letter_opener (1.4.1)
      launchy (~> 2.2)
    loofah (2.0.2)
      nokogiri (>= 1.5.9)
    mail (2.6.3)
      mime-types (>= 1.16, < 3)
    mail_form (1.5.1)
      actionmailer (>= 3.2, < 5)
      activemodel (>= 3.2, < 5)
    mailchimp-api (2.0.6)
      excon (>= 0.16.0)
      json (>= 1.7.7)
    method_source (0.8.2)
    mime-types (2.6.1)
    mini_portile (0.6.2)
    minitest (5.7.0)
    mixpanel-ruby (2.2.0)
    money (6.6.0)
      i18n (>= 0.6.4, <= 0.7.0)
    multi_json (1.11.2)
    multipart-post (2.0.0)
    nenv (0.2.0)
    net-scp (1.2.1)
      net-ssh (>= 2.6.5)
    net-ssh (2.9.2)
    netrc (0.10.3)
    newrelic_rpm (3.12.1.298)
    nokogiri (1.6.6.2)
      mini_portile (~> 0.6.0)
    oauth (0.4.7)
    oauth2 (0.8.1)
      faraday (~> 0.8)
      httpauth (~> 0.1)
      jwt (~> 0.1.4)
      multi_json (~> 1.0)
      rack (~> 1.2)
    offsite_payments (2.0.1)
      active_utils (~> 2.2.0)
      activesupport (>= 3.2.14, < 5.0.0)
      builder (>= 2.1.2, < 4.0.0)
      i18n (~> 0.5)
      json (~> 1.7)
      money (< 7.0.0)
      nokogiri (~> 1.4)
    omniauth (1.2.2)
      hashie (>= 1.2, < 4)
      rack (~> 1.0)
    omniauth-facebook (1.4.0)
      omniauth-oauth2 (~> 1.0.2)
    omniauth-oauth (1.1.0)
      oauth
      omniauth (~> 1.0)
    omniauth-oauth2 (1.0.3)
      oauth2 (~> 0.8.0)
      omniauth (~> 1.0)
    omniauth-twitter (1.2.0)
      json (~> 1.3)
      omniauth-oauth (~> 1.1)
    orm_adapter (0.5.0)
    pg (0.17.1)
    pg_search (1.0.4)
      activerecord (>= 3.1)
      activesupport (>= 3.1)
      arel
    phantomjs (1.9.8.0)
    poltergeist (1.6.0)
      capybara (~> 2.1)
      cliver (~> 0.3.1)
      multi_json (~> 1.0)
      websocket-driver (>= 0.2.0)
    postgres-copy (0.9.3)
      activerecord (>= 4.0)
      pg (>= 0.17)
      rails (>= 4.0)
      responders
    protected_attributes (1.0.9)
      activemodel (>= 4.0.1, < 5.0)
    pry (0.10.1)
      coderay (~> 1.1.0)
      method_source (~> 0.8.1)
      slop (~> 3.4)
    pundit (1.0.1)
      activesupport (>= 3.0.0)
    quiet_assets (1.1.0)
      railties (>= 3.1, < 5.0)
    rack (1.5.5)
    rack-test (0.6.3)
      rack (>= 1.0)
    rails (4.1.12)
      actionmailer (= 4.1.12)
      actionpack (= 4.1.12)
      actionview (= 4.1.12)
      activemodel (= 4.1.12)
      activerecord (= 4.1.12)
      activesupport (= 4.1.12)
      bundler (>= 1.3.0, < 2.0)
      railties (= 4.1.12)
      sprockets-rails (~> 2.0)
    rails-observers (0.1.2)
      activemodel (~> 4.0)
    rails_12factor (0.0.3)
      rails_serve_static_assets
      rails_stdout_logging
    rails_serve_static_assets (0.0.4)
    rails_stdout_logging (0.0.3)
    railties (4.1.12)
      actionpack (= 4.1.12)
      activesupport (= 4.1.12)
      rake (>= 0.8.7)
      thor (>= 0.18.1, < 2.0)
    raindrops (0.15.0)
    rake (10.4.2)
    ranked-model (0.4.0)
      activerecord (>= 3.1.12)
    redcarpet (3.3.2)
    redis (3.2.1)
    redis-namespace (1.5.2)
      redis (~> 3.0, >= 3.0.4)
    request_store (1.2.0)
    responders (1.0.0)
      railties (>= 3.2, < 5)
    rest-client (1.8.0)
      http-cookie (>= 1.0.2, < 2.0)
      mime-types (>= 1.16, < 3.0)
      netrc (~> 0.7)
    rinku (1.5.1)
    rmagick (2.15.3)
    routing-filter (0.4.0.1)
      actionpack (< 4.2)
    rspec-collection_matchers (1.1.2)
      rspec-expectations (>= 2.99.0.beta1)
    rspec-core (3.3.2)
      rspec-support (~> 3.3.0)
    rspec-expectations (3.3.1)
      diff-lcs (>= 1.2.0, < 2.0)
      rspec-support (~> 3.3.0)
    rspec-its (1.2.0)
      rspec-core (>= 3.0.0)
      rspec-expectations (>= 3.0.0)
    rspec-logsplit (0.1.3)
    rspec-mocks (3.3.2)
      diff-lcs (>= 1.2.0, < 2.0)
      rspec-support (~> 3.3.0)
    rspec-rails (3.3.3)
      actionpack (>= 3.0, < 4.3)
      activesupport (>= 3.0, < 4.3)
      railties (>= 3.0, < 4.3)
      rspec-core (~> 3.3.0)
      rspec-expectations (~> 3.3.0)
      rspec-mocks (~> 3.3.0)
      rspec-support (~> 3.3.0)
    rspec-support (3.3.0)
    ruby-ole (1.2.11.8)
    rubyzip (1.1.7)
    sass (3.2.19)
    sass-rails (4.0.5)
      railties (>= 4.0.0, < 5.0)
      sass (~> 3.2.2)
      sprockets (~> 2.8, < 3.0)
      sprockets-rails (~> 2.0)
    sax-machine (1.3.2)
    schema_plus (1.8.9)
      activerecord (>= 3.2, <= 4.2.0)
      valuable
    selenium-webdriver (2.46.2)
      childprocess (~> 0.5)
      multi_json (~> 1.0)
      rubyzip (~> 1.0)
      websocket (~> 1.0)
    shoulda (3.5.0)
      shoulda-context (~> 1.0, >= 1.0.1)
      shoulda-matchers (>= 1.4.1, < 3.0)
    shoulda-context (1.2.1)
    shoulda-matchers (2.8.0)
      activesupport (>= 3.0.0)
    sidekiq (3.1.4)
      celluloid (>= 0.15.2)
      connection_pool (>= 2.0.0)
      json
      redis (>= 3.0.6)
      redis-namespace (>= 1.3.1)
    simple_form (3.1.0)
      actionpack (~> 4.0)
      activemodel (~> 4.0)
    simplecov (0.10.0)
      docile (~> 1.1.0)
      json (~> 1.8)
      simplecov-html (~> 0.10.0)
    simplecov-html (0.10.0)
    slim (3.0.6)
      temple (~> 0.7.3)
      tilt (>= 1.3.3, < 2.1)
    slim-rails (3.0.1)
      actionmailer (>= 3.1, < 5.0)
      actionpack (>= 3.1, < 5.0)
      activesupport (>= 3.1, < 5.0)
      railties (>= 3.1, < 5.0)
      slim (~> 3.0)
    slop (3.6.0)
    spectator-validates_email (0.2.0)
      activemodel (>= 3.0.0)
    spreadsheet (1.0.4)
      ruby-ole (>= 1.0)
    sprockets (2.10.2)
      hike (~> 1.2)
      multi_json (~> 1.0)
      rack (~> 1.0)
      tilt (~> 1.1, != 1.3.0)
    sprockets-rails (2.3.2)
      actionpack (>= 3.0)
      activesupport (>= 3.0)
      sprockets (>= 2.8, < 4.0)
    state_machine (1.2.0)
    temple (0.7.6)
    term-ansicolor (1.3.2)
      tins (~> 1.0)
    thin (1.6.3)
      daemons (~> 1.0, >= 1.0.9)
      eventmachine (~> 1.0)
      rack (~> 1.0)
    thor (0.19.1)
    thread_safe (0.3.5)
    tilt (1.4.1)
    timers (4.0.1)
      hitimes
    tins (1.5.4)
    to_xls (1.5.3)
      spreadsheet
    tzinfo (1.2.2)
      thread_safe (~> 0.1)
    uglifier (2.7.1)
      execjs (>= 0.3.0)
      json (>= 1.8.0)
    unf (0.1.4)
      unf_ext
    unf_ext (0.0.7.1)
    unicorn (4.9.0)
      kgio (~> 2.6)
      rack
      raindrops (~> 0.7)
    user_notifier (0.0.5)
      rails (>= 4.0.0)
      sidekiq
    valuable (0.9.9)
    video_info (2.4.2)
      addressable
      htmlentities
      multi_json
    warden (1.2.3)
      rack (>= 1.0)
    websocket (1.2.2)
    websocket-driver (0.6.2)
      websocket-extensions (>= 0.1.0)
    websocket-extensions (0.1.2)
    weekdays (1.0.2)
    xpath (2.0.0)
      nokogiri (~> 1.3)
    ya2yaml (0.31)
    yml_gtranslate (0.0.4)
      json
      ya2yaml

PLATFORMS
  ruby

DEPENDENCIES
  RedCloth
  activemerchant (= 1.44.1)
  acts-as-taggable-on
  auto_html
  best_in_place!
  better_errors
  binding_of_caller
  braintree
  browser
  capybara (~> 2.2.0)
  carrierwave (~> 0.10.0)
  catarse_api!
  catarse_braintree!
  catarse_contribution_validator!
  catarse_monkeymail (>= 0.1.6)
  catarse_settings_db (>= 0.1.0)
  chartkick
  cocoon
  coffee-rails (~> 4.0.0)
  compass-960-plugin
  compass-rails
  coveralls
  database_cleaner
  devise
  draper
  exception_notification
  ezcrypto
  factory_girl_rails
  fakeweb
  feedjira
  fog (>= 1.3.1)
  foreman
  geocoder
  has_scope (~> 0.6.0.rc)
  heroku-deflater (>= 0.4.1)
  high_voltage
  http_accept_language
  httparty (~> 0.6.1)
  httpclient (>= 2.2.5)
  i18n_alchemy
  inherited_resources (~> 1.4.1)
  jasmine-rails
  jquery-rails
  kaminari
  launchy
  letter_opener
  mail_form
  mixpanel-ruby
  moip!
  newrelic_rpm
  omniauth
  omniauth-facebook (= 1.4.0)
  omniauth-twitter
  pg (= 0.17.1)
  pg_search
  poltergeist
  postgres-copy
  protected_attributes (~> 1.0.5)
  pry
  pundit
  quiet_assets
  rails (~> 4.1.6)
  rails-observers (~> 0.1.2)
  rails_12factor
  ranked-model
  rmagick
  routing-filter (~> 0.4.0.pre)
  rspec-collection_matchers
  rspec-its
  rspec-mocks
  rspec-rails (~> 3.1)
  sass-rails (~> 4.0.0)
  schema_plus
  selenium-webdriver
  shoulda
  sidekiq (~> 3.1.3)
  simple_form
  slim-rails
  spectator-validates_email
  sprockets (~> 2.10.1)
  state_machine
  thin
  to_xls
  uglifier
  unicorn
  user_notifier (~> 0.0.5)
  video_info (>= 1.1.1)
  weekdays
  yml_gtranslate

BUNDLED WITH
   1.10.6
